GIT
  remote: git://github.com/nohupbrasil/minitest-colorize.git
  revision: e9bfd39673ee9ab8f341f410c22850b97b12353a
  branch: master
  specs:
    minitest-colorize (0.0.4)
      minitest (>= 2.0)

GEM
  remote: http://rubygems.org/
  specs:
    ffi (1.0.11)
    guard (1.1.1)
      listen (>= 0.4.2)
      thor (>= 0.14.6)
    guard-minitest (0.5.0)
      guard (>= 0.4)
    guard-rake (0.0.5)
      guard
      rake
    listen (0.4.4)
      rb-fchange (~> 0.0.5)
      rb-fsevent (~> 0.9.1)
      rb-inotify (~> 0.8.8)
    minitest (3.0.1)
    racc (1.4.8)
    rake (0.9.2.2)
    rb-fchange (0.0.5)
      ffi
    rb-fsevent (0.9.1)
    rb-inotify (0.8.8)
      ffi (>= 0.5.0)
    thor (0.15.2)

PLATFORMS
  ruby

DEPENDENCIES
  guard
  guard-minitest
  guard-rake
  minitest
  minitest-colorize!
  racc
